PATH
  remote: ../../ruby-driver
  specs:
    mongo (2.18.0.beta1)
      bson (>= 4.14.1, < 5.0.0)

GEM
  remote: https://rubygems.org/
  specs:
    bson (4.15.0)
    ffi (1.15.5)
    libmongocrypt-helper (1.5.0.rc1.0.1001)

PLATFORMS
  x86_64-linux

DEPENDENCIES
  ffi
  libmongocrypt-helper (~> 1.5.0.rc1)
  mongo!

BUNDLED WITH
   2.3.5
