PATH
  remote: ../../ruby-driver
  specs:
    mongo (2.18.0)
      bson (>= 4.14.1, < 5.0.0)

GEM
  remote: https://rubygems.org/
  specs:
    bson (4.15.0)
    byebug (11.1.3)

PLATFORMS
  x86_64-linux

DEPENDENCIES
  byebug
  mongo!

BUNDLED WITH
   2.3.5
